GEM
  specs:
    activesupport (3.2.13)
      i18n (= 0.6.1)
      multi_json (~> 1.0)
    coderay (1.0.9)
    em-websocket (0.5.0)
      eventmachine (>= 0.12.9)
      http_parser.rb (~> 0.5.3)
    eventmachine (1.0.3)
    fetcher (0.1.0)
    ffi (1.9.0)
    formatador (0.2.4)
    gli (2.7.0)
    guard (1.8.2)
      formatador (>= 0.2.4)
      listen (>= 1.0.0)
      lumberjack (>= 1.0.2)
      pry (>= 0.9.10)
      thor (>= 0.14.6)
    guard-livereload (1.4.0)
      em-websocket (>= 0.5.0)
      guard (>= 1.8.0)
      multi_json (~> 1.7)
    guard-shell (0.5.1)
      guard (>= 1.1.0)
    http_parser.rb (0.5.3)
    i18n (0.6.1)
    kramdown (1.1.0)
    listen (1.3.0)
      rb-fsevent (>= 0.9.3)
      rb-inotify (>= 0.9)
      rb-kqueue (>= 0.2)
    logutils (0.6.0)
    lumberjack (1.0.4)
    markdown (1.1.1)
      kramdown (>= 1.0.2)
      props (>= 1.0.0)
      textutils (>= 0.6.4)
    method_source (0.8.2)
    multi_json (1.7.7)
    pakman (0.4.0)
      fetcher (>= 0.1.0)
    props (1.0.0)
    pry (0.9.12.2)
      coderay (~> 1.0.5)
      method_source (~> 0.8)
      slop (~> 3.4)
    rb-fsevent (0.9.3)
    rb-inotify (0.9.1)
      ffi (>= 0.5.0)
    rb-kqueue (0.2.0)
      ffi (>= 0.5.0)
    redcarpet (3.0.0)
    slideshow (2.3.0)
      activesupport (>= 3.2.6)
      gli (>= 2.5.6)
      logutils (>= 0.6.0)
      markdown (>= 1.0.0)
      pakman (>= 0.4.0)
      props (>= 1.0.0)
      textutils (>= 0.2.0)
    slop (3.4.6)
    textutils (0.6.7)
      logutils (~> 0.5)
    thor (0.18.1)

PLATFORMS
  ruby

DEPENDENCIES
  guard
  guard-livereload
  guard-shell
  redcarpet
  slideshow
